PATH
  remote: ../cadet
  specs:
    cadet (0.1.5-java)

GEM
  specs:

PLATFORMS
  java

DEPENDENCIES
  cadet!

BUNDLED WITH
   1.10.4
