PATH
  remote: ../cadet
  specs:
    cadet (0.0.9-java)

GEM
  specs:

PLATFORMS
  java

DEPENDENCIES
  cadet!
