PATH
  remote: ../cadet
  specs:
    cadet (0.1.0-java)

GEM
  specs:

PLATFORMS
  java

DEPENDENCIES
  cadet!
